GEM
  remote: https://rubygems.org/
  specs:

PLATFORMS
  x86-mingw32

DEPENDENCIES
  serialport

BUNDLED WITH
   1.10.6
